GEM
  remote: https://rubygems.org/
  specs:
    rake (10.5.0)
    sass (3.4.21)
    scss_lint (0.49.0)
      rake (>= 0.9, < 12)
      sass (~> 3.4.20)

PLATFORMS
  ruby

DEPENDENCIES
  scss_lint (~> 0.49.0)

BUNDLED WITH
   1.10.6
